GIT
  remote: https://github.com/r0lfs/roolz.git
  revision: 27466549933f28e613789117f58f704d68c6d9a6
  specs:
    roolz (0.0.1)

GEM
  remote: https://rubygems.org/
  specs:
    daemons (1.2.6)
    eventmachine (1.2.5)
    mail (2.7.0)
      mini_mime (>= 0.1.1)
    mini_mime (1.0.0)
    mustermann (1.0.1)
    oj (3.4.0)
    pony (1.12)
      mail (>= 2.0)
    puma (3.11.2)
    rack (2.0.3)
    rack-protection (2.0.0)
      rack
    rake (12.3.0)
    shotgun (0.9.2)
      rack (>= 1.0)
    sinatra (2.0.0)
      mustermann (~> 1.0)
      rack (~> 2.0)
      rack-protection (= 2.0.0)
      tilt (~> 2.0)
    slim (3.0.9)
      temple (>= 0.7.6, < 0.9)
      tilt (>= 1.3.3, < 2.1)
    temple (0.8.0)
    thin (1.7.2)
      daemons (~> 1.0, >= 1.0.9)
      eventmachine (~> 1.0, >= 1.0.4)
      rack (>= 1, < 3)
    tilt (2.0.8)

PLATFORMS
  ruby

DEPENDENCIES
  oj
  pony
  puma
  rake
  roolz!
  shotgun
  sinatra
  slim
  thin

RUBY VERSION
   ruby 2.4.2p198

BUNDLED WITH
   1.16.1
